GIT
  remote: git://github.com/bcobb/virtus-uri.git
  revision: 3a7419d8633187ea4bd62996f8da6e4883cf6f41
  specs:
    virtus-uri (0.0.1)
      virtus (< 1.0.0)

PATH
  remote: .
  specs:
    geary (0.0.1)
      celluloid
      celluloid-io
      nestegg
      virtus

GEM
  remote: https://rubygems.org/
  specs:
    aruba (0.5.3)
      childprocess (>= 0.3.6)
      cucumber (>= 1.1.1)
      rspec-expectations (>= 2.7.0)
    backports (3.3.4)
    builder (3.2.2)
    celluloid (0.15.2)
      timers (~> 1.1.0)
    celluloid-io (0.15.0)
      celluloid (>= 0.15.0)
      nio4r (>= 0.5.0)
    childprocess (0.3.9)
      ffi (~> 1.0, >= 1.0.11)
    cucumber (1.3.8)
      builder (>= 2.1.2)
      diff-lcs (>= 1.1.3)
      gherkin (~> 2.12.1)
      multi_json (>= 1.7.5, < 2.0)
      multi_test (>= 0.0.2)
    descendants_tracker (0.0.3)
    diff-lcs (1.2.4)
    ffi (1.9.0)
    ffi (1.9.0-java)
    gearman_admin_client (0.4.1)
      celluloid
      celluloid-io
      virtus
    gearmand_control (0.2.0)
    gherkin (2.12.1)
      multi_json (~> 1.3)
    gherkin (2.12.1-java)
      multi_json (~> 1.3)
    multi_json (1.8.1)
    multi_test (0.0.2)
    nestegg (0.0.2)
    nio4r (0.5.0)
    nio4r (0.5.0-java)
    rspec (2.14.1)
      rspec-core (~> 2.14.0)
      rspec-expectations (~> 2.14.0)
      rspec-mocks (~> 2.14.0)
    rspec-core (2.14.5)
    rspec-expectations (2.14.3)
      diff-lcs (>= 1.1.3, < 2.0)
    rspec-mocks (2.14.3)
    timers (1.1.0)
    virtus (0.5.5)
      backports (~> 3.3)
      descendants_tracker (~> 0.0.1)

PLATFORMS
  java
  ruby

DEPENDENCIES
  aruba
  cucumber
  gearman_admin_client
  gearmand_control
  geary!
  rspec
  virtus-uri!
