PATH
  remote: .
  specs:
    gearman-ruby (0.0.1)
      nestegg

GEM
  remote: http://rubygems.org/
  specs:
    diff-lcs (1.1.3)
    nestegg (0.0.2)
    rspec (2.9.0)
      rspec-core (~> 2.9.0)
      rspec-expectations (~> 2.9.0)
      rspec-mocks (~> 2.9.0)
    rspec-core (2.9.0)
    rspec-expectations (2.9.1)
      diff-lcs (~> 1.1.3)
    rspec-mocks (2.9.0)

PLATFORMS
  ruby

DEPENDENCIES
  gearman-ruby!
  rspec
