PATH
  remote: .
  specs:
    geary (0.0.1)
      celluloid
      celluloid-io
      nestegg
      virtus

PATH
  remote: ../virtus-uri
  specs:
    virtus-uri (0.0.1)
      virtus (< 1.0.0)

GEM
  remote: https://rubygems.org/
  specs:
    aruba (0.5.3)
      childprocess (>= 0.3.6)
      cucumber (>= 1.1.1)
      rspec-expectations (>= 2.7.0)
    backports (3.3.3)
    builder (3.2.2)
    celluloid (0.15.0)
      timers (~> 1.1.0)
    celluloid-io (0.15.0)
      celluloid (>= 0.15.0)
      nio4r (>= 0.5.0)
    childprocess (0.3.9)
      ffi (~> 1.0, >= 1.0.11)
    cucumber (1.3.2)
      builder (>= 2.1.2)
      diff-lcs (>= 1.1.3)
      gherkin (~> 2.12.0)
      multi_json (~> 1.3)
    descendants_tracker (0.0.1)
    diff-lcs (1.2.4)
    ffi (1.9.0)
    ffi (1.9.0-java)
    gearman_admin_client (0.4.1)
      celluloid
      celluloid-io
      virtus
    gearmand_control (0.2.0)
    gherkin (2.12.0)
      multi_json (~> 1.3)
    gherkin (2.12.0-java)
      multi_json (~> 1.3)
    multi_json (1.7.7)
    nestegg (0.0.2)
    nio4r (0.5.0)
    nio4r (0.5.0-java)
    rspec (2.13.0)
      rspec-core (~> 2.13.0)
      rspec-expectations (~> 2.13.0)
      rspec-mocks (~> 2.13.0)
    rspec-core (2.13.1)
    rspec-expectations (2.13.0)
      diff-lcs (>= 1.1.3, < 2.0)
    rspec-mocks (2.13.1)
    timers (1.1.0)
    virtus (0.5.5)
      backports (~> 3.3)
      descendants_tracker (~> 0.0.1)

PLATFORMS
  java
  ruby

DEPENDENCIES
  aruba
  cucumber
  gearman_admin_client
  gearmand_control
  geary!
  rspec
  virtus-uri!
