PATH
  remote: .
  specs:
    geary (0.0.1)
      celluloid
      celluloid-io
      mono_logger
      virtus (= 1.0.0.beta0)

GEM
  remote: https://rubygems.org/
  specs:
    abstract_type (0.0.5)
      backports (~> 3.0, >= 3.0.3)
    adamantium (0.0.8)
      ice_nine (~> 0.8.0)
    aruba (0.5.3)
      childprocess (>= 0.3.6)
      cucumber (>= 1.1.1)
      rspec-expectations (>= 2.7.0)
    backports (3.3.3)
    builder (3.2.2)
    celluloid (0.14.1)
      timers (>= 1.0.0)
    celluloid-io (0.14.1)
      celluloid (>= 0.14.1)
      nio4r (>= 0.4.5)
    childprocess (0.3.9)
      ffi (~> 1.0, >= 1.0.11)
    coercible (0.2.0)
      backports (~> 3.0, >= 3.1.0)
      descendants_tracker (~> 0.0.1)
    cucumber (1.3.2)
      builder (>= 2.1.2)
      diff-lcs (>= 1.1.3)
      gherkin (~> 2.12.0)
      multi_json (~> 1.3)
    descendants_tracker (0.0.1)
    diff-lcs (1.2.4)
    ffi (1.9.0)
    gearman_admin_client (0.0.1)
      virtus (= 1.0.0.beta0)
    gearmand_control (0.2.0)
    gherkin (2.12.0)
      multi_json (~> 1.3)
    ice_nine (0.8.0)
    mono_logger (1.1.0)
    multi_json (1.7.7)
    nio4r (0.4.6)
    rspec (2.13.0)
      rspec-core (~> 2.13.0)
      rspec-expectations (~> 2.13.0)
      rspec-mocks (~> 2.13.0)
    rspec-core (2.13.1)
    rspec-expectations (2.13.0)
      diff-lcs (>= 1.1.3, < 2.0)
    rspec-mocks (2.13.1)
    rspec-spies (2.1.4)
      rspec (~> 2.0)
    timers (1.1.0)
    virtus (1.0.0.beta0)
      abstract_type (~> 0.0.5)
      adamantium (~> 0.0.7)
      coercible (~> 0.2)
      descendants_tracker (~> 0.0.1)

PLATFORMS
  ruby

DEPENDENCIES
  aruba
  cucumber
  gearman_admin_client
  gearmand_control
  geary!
  rspec
  rspec-spies
